GEM
  remote: https://rubygems.org/
  specs:
    base64 (0.3.0)
    japanese_business_days (0.1.0)
    mustermann (3.0.4)
      ruby2_keywords (~> 0.0.1)
    rack (2.2.17)
    rack-protection (3.2.0)
      base64 (>= 0.1.0)
      rack (~> 2.2, >= 2.2.4)
    rackup (1.0.1)
      rack (< 3)
      webrick
    ruby2_keywords (0.0.5)
    sinatra (3.2.0)
      mustermann (~> 3.0)
      rack (~> 2.2, >= 2.2.4)
      rack-protection (= 3.2.0)
      tilt (~> 2.0)
    tilt (2.6.1)
    webrick (1.9.1)

PLATFORMS
  arm64-darwin-22

DEPENDENCIES
  japanese_business_days
  rack (~> 2.2)
  rackup
  sinatra (~> 3.0)

RUBY VERSION
   ruby 3.2.0p0

BUNDLED WITH
   2.4.1
